GEM
  remote: http://rubygems.org/
  specs:
    git (1.2.5)
    insensitive_hash (0.2.4)
    jeweler (1.8.4)
      bundler (~> 1.0)
      git (>= 1.2.5)
      rake
      rdoc
    json (1.7.3)
    json (1.7.3-java)
    rake (0.9.2.2)
    rcov (0.9.11)
    rcov (0.9.11-java)
    rdoc (3.12)
      json (~> 1.4)
    test-unit (2.5.1)

PLATFORMS
  java
  ruby

DEPENDENCIES
  bundler (~> 1.1.4)
  insensitive_hash (~> 0.2.4)
  jeweler (~> 1.8.4)
  rcov (~> 0.9)
  test-unit (>= 2.3.0)
