GEM
  remote: http://rubygems.org/
  specs:
    git (1.2.5)
    insensitive_hash (0.2.3)
    jeweler (1.5.2)
      bundler (~> 1.0.0)
      git (>= 1.2.5)
      rake
    rake (0.9.2.2)
    rcov (0.9.11)
    rcov (0.9.11-java)
    test-unit (2.4.7)

PLATFORMS
  java
  ruby

DEPENDENCIES
  bundler (~> 1.0.0)
  insensitive_hash (~> 0.2.3)
  jeweler (~> 1.5.2)
  rcov (~> 0.9)
  test-unit (>= 2.3.0)
